GEM
  remote: http://rubygems.org/
  specs:
    POpen4 (0.1.4)
      Platform (>= 0.4.0)
      open4
    Platform (0.4.0)
    addressable (2.2.6)
    chunky_png (1.2.0)
    compass (0.11.3)
      chunky_png (~> 1.2)
      fssm (>= 0.2.7)
      sass (~> 3.1)
    em-websocket (0.3.0)
      addressable (>= 2.1.1)
      eventmachine (>= 0.12.9)
    eventmachine (0.12.10)
    fssm (0.2.7)
    growl (1.0.3)
    guard (0.4.2)
      thor (~> 0.14.6)
    guard-bundler (0.1.3)
      bundler (>= 1.0.0)
      guard (>= 0.2.2)
    guard-compass (0.0.6)
      compass (>= 0.10.5)
      guard (>= 0.2.1)
    guard-livereload (0.2.0)
      em-websocket (>= 0.2.0)
      guard (>= 0.4.0)
      json (>= 1.5.1)
    haml (3.1.2)
    html5-boilerplate (1.0.0)
      compass (>= 0.11.1)
    json (1.5.3)
    kelredd-sinatra-helpers (0.3.0)
      kelredd-useful (>= 0.3.3)
    kelredd-useful (0.4.1)
      json
    leftright (0.9.1)
    nokogiri (1.4.6)
    open4 (1.0.1)
    rack (1.3.0)
    rack-cache (1.0.2)
      rack (>= 0.4)
    rack-flash (0.1.1)
      rack
    rack-sprockets (1.1.0)
      rack (~> 1.0)
      sprockets (~> 1.0)
    rack-test (0.6.0)
      rack (>= 1.0)
    rb-fsevent (0.4.0)
    sass (3.1.3)
    shoulda (2.11.3)
    sinatra (1.2.6)
      rack (~> 1.1)
      tilt (>= 1.2.2, < 2.0)
    sprockets (1.0.2)
    thor (0.14.6)
    tilt (1.3.2)
    webrat (0.7.3)
      nokogiri (>= 1.2.0)
      rack (>= 1.0)
      rack-test (>= 0.5.3)
    yui-compressor (0.9.6)
      POpen4 (>= 0.1.4)

PLATFORMS
  ruby

DEPENDENCIES
  compass
  growl
  guard-bundler
  guard-compass
  guard-livereload
  haml
  html5-boilerplate
  kelredd-sinatra-helpers
  kelredd-useful
  leftright
  rack-cache
  rack-flash
  rack-sprockets
  rack-test (~> 0.5)
  rb-fsevent
  shoulda (~> 2.11)
  sinatra
  webrat (~> 0.7)
  yui-compressor
